PATH
  remote: ..
  specs:
    rack-wreck (0.1.0)
      rack (~> 2.0)

GEM
  remote: https://rubygems.org/
  specs:
    mustermann (1.0.2)
    rack (2.0.4)
    rack-protection (2.0.1)
      rack
    sinatra (2.0.1)
      mustermann (~> 1.0)
      rack (~> 2.0)
      rack-protection (= 2.0.1)
      tilt (~> 2.0)
    tilt (2.0.8)

PLATFORMS
  ruby

DEPENDENCIES
  rack-wreck!
  sinatra

BUNDLED WITH
   1.15.1
